GIT
  remote: https://github.com/clbustos/elsevier_api.git
  revision: ba8ca962f5bd48c1df670558980550a954a2ba2a
  specs:
    elsevier_api (0.1.1)
      curb (~> 0.9.10)

GIT
  remote: https://github.com/clbustos/ruby-stemmer.git
  revision: 41832d0aa13e832ddcc48036aaee6f0a11773251
  specs:
    ruby-stemmer (3.0.0)

GEM
  remote: https://rubygems.org/
  specs:
    Ascii85 (1.1.0)
    afm (0.2.2)
    ai4r (1.13)
    arr-pm (0.0.11)
      cabin (> 0)
    ast (2.4.2)
    backports (3.23.0)
    bibtex-ruby (6.0.0)
      latex-decode (~> 0.0)
    cabin (0.9.0)
    categorize (0.0.12)
    caxlsx (3.2.0)
      htmlentities (~> 4.3, >= 4.3.4)
      marcel (~> 1.0)
      nokogiri (~> 1.10, >= 1.10.4)
      rubyzip (>= 1.3.0, < 3)
    certified (1.0.0)
    chef-utils (17.10.0)
      concurrent-ruby
    clamp (1.0.1)
    coderay (1.1.3)
    concurrent-ruby (1.1.10)
    curb (0.9.11)
    daemons (1.4.1)
    diff-lcs (1.5.0)
    docile (1.4.0)
    dotenv (2.7.6)
    eventmachine (1.2.7)
    eventmachine (1.2.7-x86-mingw32)
    facter (4.2.9)
      hocon (~> 1.3)
      thor (>= 1.0.1, < 2.0)
    faraday (2.3.0)
      faraday-net_http (~> 2.0)
      ruby2_keywords (>= 0.0.4)
    faraday-follow_redirects (0.1.0)
      faraday (>= 2, < 3)
    faraday-net_http (2.0.3)
    ffi (1.15.5)
    ffi (1.15.5-x86-mingw32)
    ffi-win32-extensions (1.0.4)
      ffi
    fpm (1.14.2)
      arr-pm (~> 0.0.11)
      backports (>= 2.6.2)
      cabin (>= 0.6.0)
      clamp (~> 1.0.0)
      git (>= 1.3.0, < 2.0)
      json (>= 1.7.7, < 3.0)
      pleaserun (~> 0.0.29)
      rexml
      stud
    git (1.11.0)
      rchardet (~> 1.8)
    grim (1.3.4)
    haml (5.2.2)
      temple (>= 0.8.0)
      tilt
    hashery (2.1.2)
    hocon (1.3.1)
    htmlentities (4.3.4)
    i18n (1.10.0)
      concurrent-ruby (~> 1.0)
    insist (1.0.0)
    json (2.6.2)
    latex-decode (0.3.2)
    levenshtein (0.2.2)
    levenshtein-ffi (1.1.0)
      ffi (~> 1.9)
    marcel (1.0.2)
    method_source (1.0.0)
    mimemagic (0.4.3)
      nokogiri (~> 1)
      rake
    mini_portile2 (2.8.0)
    mixlib-log (3.0.9)
    mixlib-shellout (3.2.7)
      chef-utils
    mixlib-shellout (3.2.7-universal-mingw32)
      chef-utils
      ffi-win32-extensions (~> 1.0.3)
      win32-process (~> 0.9)
      wmi-lite (~> 1.0)
    moneta (1.5.1)
    multi_json (1.15.0)
    mustache (0.99.8)
    mustermann (1.1.1)
      ruby2_keywords (~> 0.0.1)
    mutant (0.11.10)
      diff-lcs (~> 1.3)
      parser (~> 3.1.0)
      regexp_parser (~> 2.3, >= 2.3.1)
      sorbet-runtime (~> 0.5.0)
      unparser (~> 0.6.5)
    mutant-rspec (0.11.10)
      mutant (= 0.11.10)
      rspec-core (>= 3.8.0, < 4.0.0)
    mysql2 (0.5.4)
    narray (0.6.1.2)
    nio4r (2.5.8)
    nokogiri (1.13.10)
      mini_portile2 (~> 2.8.0)
      racc (~> 1.4)
    parser (3.1.2.0)
      ast (~> 2.4.1)
    pdf-reader (2.10.0)
      Ascii85 (~> 1.0)
      afm (~> 0.2.1)
      hashery (~> 2.0)
      ruby-rc4
      ttfunk
    pkgr (1.4.0)
      facter
      fpm
      mixlib-log
      mixlib-shellout
      rake
      thor
    pleaserun (0.0.32)
      cabin (> 0)
      clamp
      dotenv
      insist
      mustache (= 0.99.8)
      stud
    polyglot (0.3.5)
    pry (0.14.1)
      coderay (~> 1.1)
      method_source (~> 1.0)
    puma (5.6.4)
      nio4r (~> 2.0)
    racc (1.6.1)
    rack (2.2.4)
    rack-protection (2.2.0)
      rack
    rack-test (1.1.0)
      rack (>= 1.0, < 3)
    rake (13.0.6)
    rchardet (1.8.0)
    ref_parsers (0.2.1)
    regexp_parser (2.4.0)
    rexml (3.2.5)
    rspec (3.11.0)
      rspec-core (~> 3.11.0)
      rspec-expectations (~> 3.11.0)
      rspec-mocks (~> 3.11.0)
    rspec-core (3.11.0)
      rspec-support (~> 3.11.0)
    rspec-expectations (3.11.0)
      diff-lcs (>= 1.2.0, < 2.0)
      rspec-support (~> 3.11.0)
    rspec-mocks (3.11.1)
      diff-lcs (>= 1.2.0, < 2.0)
      rspec-support (~> 3.11.0)
    rspec-support (3.11.0)
    ruby-rc4 (0.1.5)
    ruby2_keywords (0.0.5)
    rubyzip (2.3.2)
    sassc (2.4.0)
      ffi (~> 1.9)
    sequel (5.56.0)
    serrano (1.4)
      faraday (~> 2.2)
      faraday-follow_redirects (~> 0.1.0)
      multi_json (~> 1.15)
      rexml (~> 3.2, >= 3.2.5)
      thor (~> 1.2, >= 1.2.1)
    simple_xlsx_reader (2.0.0)
      nokogiri
      rubyzip
    simplecov (0.21.2)
      docile (~> 1.1)
      simplecov-html (~> 0.11)
      simplecov_json_formatter (~> 0.1)
    simplecov-html (0.12.3)
    simplecov_json_formatter (0.1.4)
    sinatra (2.2.0)
      mustermann (~> 1.0)
      rack (~> 2.2)
      rack-protection (= 2.2.0)
      tilt (~> 2.0)
    sorbet-runtime (0.5.10028)
    sqlite3 (1.4.2)
    stud (0.0.23)
    temple (0.8.2)
    test-prof (1.0.9)
    tf-idf-similarity (0.2.0)
      unicode_utils (~> 1.4)
    thin (1.8.1)
      daemons (~> 1.0, >= 1.0.9)
      eventmachine (~> 1.0, >= 1.0.4)
      rack (>= 1, < 3)
    thor (1.2.1)
    tilt (2.0.10)
    treetop (1.6.11)
      polyglot (~> 0.3)
    ttfunk (1.7.0)
    unicode (0.4.4.4)
    unicode (0.4.4.4-x86-mingw32)
    unicode_utils (1.4.0)
    unparser (0.6.5)
      diff-lcs (~> 1.3)
      parser (>= 3.1.0)
    webrick (1.7.0)
    win32-process (0.10.0)
      ffi (>= 1.0.0)
    wmi-lite (1.0.7)
    yard (0.9.27)
      webrick (~> 1.7.0)
    yard-sinatra (1.0.0)
      yard (~> 0.7)
    zip-zip (0.3)
      rubyzip (>= 1.0.0)

PLATFORMS
  ruby
  x86-mingw32

DEPENDENCIES
  ai4r
  bibtex-ruby
  categorize
  caxlsx
  certified
  dotenv
  elsevier_api!
  grim
  haml
  i18n
  json
  levenshtein
  levenshtein-ffi
  mimemagic
  moneta
  mutant
  mutant-rspec
  mysql2
  narray
  nokogiri
  pdf-reader
  pkgr
  pry
  puma
  rack
  rack-test
  rake
  ref_parsers
  rspec
  ruby-stemmer!
  rubyzip (>= 1.3.0)
  sassc
  sequel
  serrano
  simple_xlsx_reader
  simplecov
  sinatra (>= 2.0.1)
  sqlite3
  test-prof
  tf-idf-similarity
  thin
  treetop
  unicode
  yard
  yard-sinatra
  zip-zip

BUNDLED WITH
   2.2.21
