GIT
  remote: https://github.com/GeneralProducts/grim
  revision: 05612e67bbaac4f82c46b9237c1ad446de21e887
  specs:
    grim (1.3.4)

GIT
  remote: https://github.com/clbustos/elsevier_api.git
  revision: ba8ca962f5bd48c1df670558980550a954a2ba2a
  specs:
    elsevier_api (0.1.1)
      curb (~> 0.9.10)

GIT
  remote: https://github.com/clbustos/ruby-stemmer.git
  revision: 41832d0aa13e832ddcc48036aaee6f0a11773251
  specs:
    ruby-stemmer (3.0.0)

GIT
  remote: https://github.com/kariem2k/ref_parsers.git
  revision: 2b0788b7982628e2375fa64bbd29160fdaf17887
  specs:
    ref_parsers (0.1.3)

GIT
  remote: https://github.com/remix/levenshtein-ffi.git
  revision: 5e8dd3d1fa6cc797d6cea78ea142a333edda8d83
  specs:
    levenshtein-ffi (1.1.0)
      ffi (~> 1.9)

GEM
  remote: https://rubygems.org/
  specs:
    Ascii85 (1.1.1)
    afm (0.2.2)
    ai4r (1.13)
    arr-pm (0.0.12)
    ast (2.4.2)
    backports (3.25.0)
    base64 (0.2.0)
    bibtex-ruby (6.1.0)
      latex-decode (~> 0.0)
      racc (~> 1.7)
    bigdecimal (3.1.8)
    cabin (0.9.0)
    caxlsx (4.1.0)
      htmlentities (~> 4.3, >= 4.3.4)
      marcel (~> 1.0)
      nokogiri (~> 1.10, >= 1.10.4)
      rubyzip (>= 1.3.0, < 3)
    chef-utils (18.5.0)
      concurrent-ruby
    clamp (1.0.1)
    coderay (1.1.3)
    concurrent-ruby (1.3.4)
    csv (3.3.2)
    curb (0.9.11)
    daemons (1.4.1)
    date (3.3.4)
    diff-lcs (1.5.1)
    docile (1.4.1)
    dotenv (3.1.4)
    et-orbi (1.2.11)
      tzinfo
    eventmachine (1.2.7)
    facter (4.6.1)
      hocon (~> 1.3)
      thor (>= 1.0.1, < 2.0)
    faraday (2.12.0)
      faraday-net_http (>= 2.0, < 3.4)
      json
      logger
    faraday-follow_redirects (0.1.0)
      faraday (>= 2, < 3)
    faraday-net_http (3.3.0)
      net-http
    ffi (1.17.1)
    ffi (1.17.1-x86_64-linux-gnu)
    fpm (1.15.1)
      arr-pm (~> 0.0.11)
      backports (>= 2.6.2)
      cabin (>= 0.6.0)
      clamp (~> 1.0.0)
      pleaserun (~> 0.0.29)
      rexml
      stud
    fugit (1.11.1)
      et-orbi (~> 1, >= 1.2.11)
      raabro (~> 1.4)
    haml (6.3.0)
      temple (>= 0.8.2)
      thor
      tilt
    hashery (2.1.2)
    hocon (1.4.0)
    htmlentities (4.3.4)
    i18n (1.14.6)
      concurrent-ruby (~> 1.0)
    insist (1.0.0)
    json (2.7.2)
    language_server-protocol (3.17.0.3)
    latex-decode (0.4.0)
    levenshtein (0.2.2)
    libcache (0.4.2)
    logger (1.6.1)
    mail (2.8.1)
      mini_mime (>= 0.1.1)
      net-imap
      net-pop
      net-smtp
    marcel (1.0.4)
    method_source (1.1.0)
    mimemagic (0.4.3)
      nokogiri (~> 1)
      rake
    mini_mime (1.1.5)
    mini_portile2 (2.8.7)
    mixlib-log (3.0.9)
    mixlib-shellout (3.3.3)
      chef-utils
    moneta (1.6.0)
    multi_json (1.15.0)
    mustache (0.99.8)
    mustermann (3.0.3)
      ruby2_keywords (~> 0.0.1)
    mutant (0.12.4)
      diff-lcs (~> 1.3)
      parser (~> 3.3.0)
      regexp_parser (~> 2.9.0)
      sorbet-runtime (~> 0.5.0)
      unparser (~> 0.6.14)
    mutant-rspec (0.12.4)
      mutant (= 0.12.4)
      rspec-core (>= 3.8.0, < 4.0.0)
    mysql2 (0.5.6)
    narray (0.6.1.2)
    net-http (0.4.1)
      uri
    net-imap (0.4.17)
      date
      net-protocol
    net-pop (0.1.2)
      net-protocol
    net-protocol (0.2.2)
      timeout
    net-smtp (0.5.0)
      net-protocol
    nokogiri (1.16.7)
      mini_portile2 (~> 2.8.2)
      racc (~> 1.4)
    parallel (1.26.3)
    parser (3.3.5.0)
      ast (~> 2.4.1)
      racc
    passenger (6.0.23)
      rack (>= 1.6.13)
      rackup
      rake (>= 12.3.3)
    pdf-reader (2.12.0)
      Ascii85 (~> 1.0)
      afm (~> 0.2.1)
      hashery (~> 2.0)
      ruby-rc4
      ttfunk
    pkgr (1.4.0)
      facter
      fpm
      mixlib-log
      mixlib-shellout
      rake
      thor
    pleaserun (0.0.32)
      cabin (> 0)
      clamp
      dotenv
      insist
      mustache (= 0.99.8)
      stud
    polyglot (0.3.5)
    pry (0.14.2)
      coderay (~> 1.1)
      method_source (~> 1.0)
    raabro (1.4.0)
    racc (1.8.1)
    rack (2.2.10)
    rack-protection (3.2.0)
      base64 (>= 0.1.0)
      rack (~> 2.2, >= 2.2.4)
    rack-test (2.1.0)
      rack (>= 1.3)
    rackup (1.0.0)
      rack (< 3)
      webrick
    rainbow (3.1.1)
    rake (13.2.1)
    regexp_parser (2.9.2)
    rexml (3.3.8)
    rspec (3.13.0)
      rspec-core (~> 3.13.0)
      rspec-expectations (~> 3.13.0)
      rspec-mocks (~> 3.13.0)
    rspec-core (3.13.1)
      rspec-support (~> 3.13.0)
    rspec-expectations (3.13.3)
      diff-lcs (>= 1.2.0, < 2.0)
      rspec-support (~> 3.13.0)
    rspec-mocks (3.13.2)
      diff-lcs (>= 1.2.0, < 2.0)
      rspec-support (~> 3.13.0)
    rspec-support (3.13.1)
    rubocop (1.67.0)
      json (~> 2.3)
      language_server-protocol (>= 3.17.0)
      parallel (~> 1.10)
      parser (>= 3.3.0.2)
      rainbow (>= 2.2.2, < 4.0)
      regexp_parser (>= 2.4, < 3.0)
      rubocop-ast (>= 1.32.2, < 2.0)
      ruby-progressbar (~> 1.7)
      unicode-display_width (>= 2.4.0, < 3.0)
    rubocop-ast (1.32.3)
      parser (>= 3.3.1.0)
    ruby-progressbar (1.13.0)
    ruby-rc4 (0.1.5)
    ruby2_keywords (0.0.5)
    rubyzip (2.3.2)
    rufus-scheduler (3.9.2)
      fugit (~> 1.1, >= 1.11.1)
    sassc (2.4.0)
      ffi (~> 1.9)
    sequel (5.85.0)
      bigdecimal
    serrano (1.4)
      faraday (~> 2.2)
      faraday-follow_redirects (~> 0.1.0)
      multi_json (~> 1.15)
      rexml (~> 3.2, >= 3.2.5)
      thor (~> 1.2, >= 1.2.1)
    simple_xlsx_reader (5.0.0)
      nokogiri
      rubyzip
    simplecov (0.22.0)
      docile (~> 1.1)
      simplecov-html (~> 0.11)
      simplecov_json_formatter (~> 0.1)
    simplecov-html (0.13.1)
    simplecov_json_formatter (0.1.4)
    sinatra (3.2.0)
      mustermann (~> 3.0)
      rack (~> 2.2, >= 2.2.4)
      rack-protection (= 3.2.0)
      tilt (~> 2.0)
    sorbet-runtime (0.5.11604)
    sqlite3 (1.7.3)
      mini_portile2 (~> 2.8.0)
    stud (0.0.23)
    temple (0.10.3)
    test-prof (1.4.2)
    tf-idf-similarity (0.3.0)
      unicode_utils (~> 1.4)
    thin (1.8.2)
      daemons (~> 1.0, >= 1.0.9)
      eventmachine (~> 1.0, >= 1.0.4)
      rack (>= 1, < 3)
    thor (1.3.2)
    tilt (2.4.0)
    timeout (0.4.1)
    treetop (1.6.12)
      polyglot (~> 0.3)
    ttfunk (1.8.0)
      bigdecimal (~> 3.1)
    tzinfo (2.0.6)
      concurrent-ruby (~> 1.0)
    tzinfo-data (1.2024.2)
      tzinfo (>= 1.0.0)
    unicode (0.4.4.5)
    unicode-display_width (2.6.0)
    unicode_utils (1.4.0)
    unparser (0.6.15)
      diff-lcs (~> 1.3)
      parser (>= 3.3.0)
    uri (0.13.1)
    webrick (1.8.2)
    yard (0.9.37)
    yard-sinatra (1.0.0)
      yard (~> 0.7)
    zip-zip (0.3)
      rubyzip (>= 1.0.0)

PLATFORMS
  ruby
  x86_64-linux

DEPENDENCIES
  ai4r
  bibtex-ruby
  caxlsx
  certified
  csv
  dotenv
  elsevier_api!
  grim!
  haml
  i18n
  json
  levenshtein
  levenshtein-ffi!
  libcache
  mail
  mimemagic
  moneta
  mutant
  mutant-rspec
  mysql2
  narray
  nokogiri
  passenger (>= 5.0.25)
  pdf-reader
  pkgr
  pry
  puma
  rack
  rack-test
  rake (>= 13.0.0)
  ref_parsers!
  rspec
  rubocop
  ruby-stemmer!
  rubyzip (>= 1.3.0)
  rufus-scheduler
  sassc
  sequel
  serrano
  simple_xlsx_reader
  simplecov
  sinatra (>= 2.0.1)
  sqlite3 (= 1.7.3)
  test-prof
  tf-idf-similarity
  thin
  treetop
  tzinfo-data
  unicode
  yard
  yard-sinatra
  zip-zip

BUNDLED WITH
   2.5.1
