GIT
  remote: https://github.com/clbustos/ruby-stemmer.git
  revision: d0c07374e3344582db7f1713a9f0ec4b1aa3c878
  specs:
    ruby-stemmer (1.0.0)

GEM
  remote: https://rubygems.org/
  specs:
    Ascii85 (1.0.3)
    abstract_type (0.0.7)
    adamantium (0.2.0)
      ice_nine (~> 0.11.0)
      memoizable (~> 0.4.0)
    afm (0.2.2)
    ai4r (1.13)
    anima (0.3.1)
      abstract_type (~> 0.0.7)
      adamantium (~> 0.2)
      equalizer (~> 0.0.11)
    arr-pm (0.0.10)
      cabin (> 0)
    ast (2.4.0)
    axlsx (3.0.0.pre)
      htmlentities (~> 4.3, >= 4.3.4)
      mimemagic (~> 0.3)
      nokogiri (~> 1.8, >= 1.8.2)
      rubyzip (~> 1.2, >= 1.2.1)
    backports (3.15.0)
    bibtex-ruby (5.0.0)
      latex-decode (~> 0.0)
    cabin (0.9.0)
    categorize (0.0.12)
    certified (1.0.0)
    childprocess (0.9.0)
      ffi (~> 1.0, >= 1.0.11)
    clamp (1.0.1)
    coderay (1.1.2)
    concord (0.1.5)
      adamantium (~> 0.2.0)
      equalizer (~> 0.0.9)
    concurrent-ruby (1.1.5)
    daemons (1.3.1)
    diff-lcs (1.3)
    docile (1.3.2)
    dotenv (2.7.5)
    equalizer (0.0.11)
    eventmachine (1.2.7)
    facter (2.5.6)
    facter (2.5.6-x86-mingw32)
      ffi (~> 1.9)
    faraday (0.15.4)
      multipart-post (>= 1.2, < 3)
    faraday_middleware (0.13.1)
      faraday (>= 0.7.4, < 1.0)
    ffi (1.11.1)
    ffi (1.11.1-x86-mingw32)
    fpm (1.11.0)
      arr-pm (~> 0.0.10)
      backports (>= 2.6.2)
      cabin (>= 0.6.0)
      childprocess (= 0.9.0)
      clamp (~> 1.0.0)
      ffi
      json (>= 1.7.7, < 2.0)
      pleaserun (~> 0.0.29)
      ruby-xz (~> 0.2.3)
      stud
    grim (1.3.3)
    haml (5.1.2)
      temple (>= 0.8.0)
      tilt
    hashery (2.1.2)
    htmlentities (4.3.4)
    i18n (1.6.0)
      concurrent-ruby (~> 1.0)
    ice_nine (0.11.2)
    insist (1.0.0)
    io-like (0.3.0)
    json (1.8.6)
    latex-decode (0.3.1)
    levenshtein (0.2.2)
    levenshtein-ffi (1.1.0)
      ffi (~> 1.9)
    memoizable (0.4.2)
      thread_safe (~> 0.3, >= 0.3.1)
    method_source (0.9.2)
    mimemagic (0.3.3)
    mini_portile2 (2.4.0)
    mixlib-log (3.0.1)
    mixlib-shellout (3.0.7)
    mixlib-shellout (3.0.7-universal-mingw32)
      win32-process (~> 0.8.2)
      wmi-lite (~> 1.0)
    moneta (1.1.1)
    morpher (0.2.6)
      abstract_type (~> 0.0.7)
      adamantium (~> 0.2.0)
      anima (~> 0.3.0)
      ast (~> 2.2)
      concord (~> 0.1.5)
      equalizer (~> 0.0.9)
      ice_nine (~> 0.11.0)
      procto (~> 0.0.2)
    multi_json (1.13.1)
    multipart-post (2.1.1)
    mustache (0.99.8)
    mustermann (1.0.3)
    mutant (0.8.24)
      abstract_type (~> 0.0.7)
      adamantium (~> 0.2.0)
      anima (~> 0.3.0)
      ast (~> 2.2)
      concord (~> 0.1.5)
      diff-lcs (~> 1.3)
      equalizer (~> 0.0.9)
      ice_nine (~> 0.11.1)
      memoizable (~> 0.4.2)
      morpher (~> 0.2.6)
      parser (~> 2.5.1)
      procto (~> 0.0.2)
      regexp_parser (~> 1.2)
      unparser (~> 0.4.2)
    mutant-rspec (0.8.24)
      mutant (~> 0.8.24)
      rspec-core (>= 3.4.0, < 4.0.0)
    mysql2 (0.5.2)
    mysql2 (0.5.2-x86-mingw32)
    narray (0.6.1.2)
    nio4r (2.5.2)
    nokogiri (1.10.4)
      mini_portile2 (~> 2.4.0)
    nokogiri (1.10.4-x86-mingw32)
      mini_portile2 (~> 2.4.0)
    parser (2.5.3.0)
      ast (~> 2.4.0)
    pdf-reader (2.2.1)
      Ascii85 (~> 1.0.0)
      afm (~> 0.2.1)
      hashery (~> 2.0)
      ruby-rc4
      ttfunk
    pkgr (1.4.0)
      facter
      fpm
      mixlib-log
      mixlib-shellout
      rake
      thor
    pleaserun (0.0.30)
      cabin (> 0)
      clamp
      dotenv
      insist
      mustache (= 0.99.8)
      stud
    polyglot (0.3.5)
    procto (0.0.3)
    pry (0.12.2)
      coderay (~> 1.1.0)
      method_source (~> 0.9.0)
    puma (4.3.1)
      nio4r (~> 2.0)
    rack (2.0.7)
    rack-protection (2.0.7)
      rack
    rack-test (1.1.0)
      rack (>= 1.0, < 3)
    rake (12.3.3)
    rb-fsevent (0.10.3)
    rb-inotify (0.10.0)
      ffi (~> 1.0)
    regexp_parser (1.6.0)
    rspec (3.8.0)
      rspec-core (~> 3.8.0)
      rspec-expectations (~> 3.8.0)
      rspec-mocks (~> 3.8.0)
    rspec-core (3.8.2)
      rspec-support (~> 3.8.0)
    rspec-expectations (3.8.4)
      diff-lcs (>= 1.2.0, < 2.0)
      rspec-support (~> 3.8.0)
    rspec-mocks (3.8.1)
      diff-lcs (>= 1.2.0, < 2.0)
      rspec-support (~> 3.8.0)
    rspec-support (3.8.2)
    ruby-rc4 (0.1.5)
    ruby-xz (0.2.3)
      ffi (~> 1.9)
      io-like (~> 0.3)
    rubyzip (1.2.4)
    sass (3.7.4)
      sass-listen (~> 4.0.0)
    sass-listen (4.0.0)
      rb-fsevent (~> 0.9, >= 0.9.4)
      rb-inotify (~> 0.9, >= 0.9.7)
    sequel (5.24.0)
    serrano (0.5.2)
      faraday (~> 0.15.0)
      faraday_middleware (>= 0.12.2, < 0.14.0)
      multi_json (~> 1.13, >= 1.13.1)
      thor (~> 0.20.0)
    simplecov (0.17.1)
      docile (~> 1.1)
      json (>= 1.8, < 3)
      simplecov-html (~> 0.10.0)
    simplecov-html (0.10.2)
    sinatra (2.0.7)
      mustermann (~> 1.0)
      rack (~> 2.0)
      rack-protection (= 2.0.7)
      tilt (~> 2.0)
    sqlite3 (1.4.1)
    stud (0.0.23)
    temple (0.8.2)
    test-prof (0.10.0)
    tf-idf-similarity (0.1.6)
      unicode_utils (~> 1.4)
    thin (1.7.2)
      daemons (~> 1.0, >= 1.0.9)
      eventmachine (~> 1.0, >= 1.0.4)
      rack (>= 1, < 3)
    thor (0.20.3)
    thread_safe (0.3.6)
    tilt (2.0.9)
    treetop (1.6.10)
      polyglot (~> 0.3)
    ttfunk (1.5.1)
    unicode (0.4.4.4)
    unicode (0.4.4.4-x86-mingw32)
    unicode_utils (1.4.0)
    unparser (0.4.2)
      abstract_type (~> 0.0.7)
      adamantium (~> 0.2.0)
      concord (~> 0.1.5)
      diff-lcs (~> 1.3)
      equalizer (~> 0.0.9)
      parser (>= 2.3.1.2, < 2.6)
      procto (~> 0.0.2)
    win32-process (0.8.3)
      ffi (>= 1.0.0)
    wmi-lite (1.0.2)
    yard (0.9.20)
    yard-sinatra (1.0.0)
      yard (~> 0.7)
    zip-zip (0.3)
      rubyzip (>= 1.0.0)

PLATFORMS
  ruby
  x86-mingw32

DEPENDENCIES
  ai4r
  axlsx (>= 2.0.0)
  bibtex-ruby
  categorize
  certified
  dotenv
  grim
  haml
  i18n
  levenshtein
  levenshtein-ffi
  mimemagic
  moneta
  mutant
  mutant-rspec
  mysql2
  narray
  nokogiri
  pdf-reader
  pkgr
  pry
  puma
  rack-test
  rake
  rspec
  ruby-stemmer!
  rubyzip (>= 1.2.1)
  sass
  sequel
  serrano
  simplecov
  sinatra (>= 2.0.1)
  sqlite3
  test-prof
  tf-idf-similarity
  thin
  treetop
  unicode
  yard
  yard-sinatra
  zip-zip

BUNDLED WITH
   2.0.2
