GIT
  remote: https://github.com/GeneralProducts/grim
  revision: 05612e67bbaac4f82c46b9237c1ad446de21e887
  specs:
    grim (1.3.4)

GIT
  remote: https://github.com/clbustos/elsevier_api.git
  revision: ba8ca962f5bd48c1df670558980550a954a2ba2a
  specs:
    elsevier_api (0.1.1)
      curb (~> 0.9.10)

GIT
  remote: https://github.com/clbustos/ruby-stemmer.git
  revision: 41832d0aa13e832ddcc48036aaee6f0a11773251
  specs:
    ruby-stemmer (3.0.0)

GIT
  remote: https://github.com/kariem2k/ref_parsers.git
  revision: 2b0788b7982628e2375fa64bbd29160fdaf17887
  specs:
    ref_parsers (0.1.3)

GIT
  remote: https://github.com/remix/levenshtein-ffi.git
  revision: 5e8dd3d1fa6cc797d6cea78ea142a333edda8d83
  specs:
    levenshtein-ffi (1.1.0)
      ffi (~> 1.9)

GEM
  remote: https://rubygems.org/
  specs:
    Ascii85 (1.1.0)
    afm (0.2.2)
    ai4r (1.13)
    arr-pm (0.0.12)
    ast (2.4.2)
    backports (3.24.1)
    base64 (0.2.0)
    bibtex-ruby (6.1.0)
      latex-decode (~> 0.0)
      racc (~> 1.7)
    bigdecimal (3.1.6)
    cabin (0.9.0)
    caxlsx (4.0.0)
      htmlentities (~> 4.3, >= 4.3.4)
      marcel (~> 1.0)
      nokogiri (~> 1.10, >= 1.10.4)
      rubyzip (>= 1.3.0, < 3)
    clamp (1.0.1)
    coderay (1.1.3)
    concurrent-ruby (1.2.3)
    curb (0.9.11)
    daemons (1.4.1)
    date (3.3.4)
    diff-lcs (1.5.1)
    docile (1.4.0)
    dotenv (2.8.1)
    eventmachine (1.2.7)
    facter (2.5.7)
    faraday (1.10.3)
      faraday-em_http (~> 1.0)
      faraday-em_synchrony (~> 1.0)
      faraday-excon (~> 1.1)
      faraday-httpclient (~> 1.0)
      faraday-multipart (~> 1.0)
      faraday-net_http (~> 1.0)
      faraday-net_http_persistent (~> 1.0)
      faraday-patron (~> 1.0)
      faraday-rack (~> 1.0)
      faraday-retry (~> 1.0)
      ruby2_keywords (>= 0.0.4)
    faraday-em_http (1.0.0)
    faraday-em_synchrony (1.0.0)
    faraday-excon (1.1.0)
    faraday-httpclient (1.0.1)
    faraday-multipart (1.0.4)
      multipart-post (~> 2)
    faraday-net_http (1.0.1)
    faraday-net_http_persistent (1.2.0)
    faraday-patron (1.0.0)
    faraday-rack (1.0.0)
    faraday-retry (1.0.3)
    faraday_middleware (1.2.0)
      faraday (~> 1.0)
    ffi (1.16.3)
    fpm (1.15.1)
      arr-pm (~> 0.0.11)
      backports (>= 2.6.2)
      cabin (>= 0.6.0)
      clamp (~> 1.0.0)
      pleaserun (~> 0.0.29)
      rexml
      stud
    haml (6.3.0)
      temple (>= 0.8.2)
      thor
      tilt
    hashery (2.1.2)
    htmlentities (4.3.4)
    i18n (1.14.1)
      concurrent-ruby (~> 1.0)
    insist (1.0.0)
    json (2.7.1)
    language_server-protocol (3.17.0.3)
    latex-decode (0.4.0)
    levenshtein (0.2.2)
    mail (2.8.1)
      mini_mime (>= 0.1.1)
      net-imap
      net-pop
      net-smtp
    marcel (1.0.2)
    method_source (1.0.0)
    mimemagic (0.4.3)
      nokogiri (~> 1)
      rake
    mini_mime (1.1.5)
    mini_portile2 (2.8.5)
    mixlib-log (1.7.1)
    mixlib-shellout (1.6.1)
    moneta (1.6.0)
    multi_json (1.15.0)
    multipart-post (2.4.0)
    mustache (0.99.8)
    mustermann (3.0.0)
      ruby2_keywords (~> 0.0.1)
    mutant (0.11.28)
      diff-lcs (~> 1.3)
      parser (~> 3.3.0)
      regexp_parser (~> 2.8.2)
      sorbet-runtime (~> 0.5.0)
      unparser (~> 0.6.9)
    mutant-rspec (0.11.28)
      mutant (= 0.11.28)
      rspec-core (>= 3.8.0, < 4.0.0)
    mysql2 (0.5.6)
    narray (0.6.1.2)
    net-imap (0.4.10)
      date
      net-protocol
    net-pop (0.1.2)
      net-protocol
    net-protocol (0.2.2)
      timeout
    net-smtp (0.4.0.1)
      net-protocol
    nokogiri (1.16.2)
      mini_portile2 (~> 2.8.2)
      racc (~> 1.4)
    parallel (1.24.0)
    parser (3.3.0.5)
      ast (~> 2.4.1)
      racc
    pdf-reader (2.12.0)
      Ascii85 (~> 1.0)
      afm (~> 0.2.1)
      hashery (~> 2.0)
      ruby-rc4
      ttfunk
    pkgr (1.9.0)
      facter (~> 2.1)
      fpm (~> 1.1)
      mixlib-log (~> 1.6)
      mixlib-shellout (~> 1.4)
      rake (~> 12.2.1)
      thor (~> 0.19)
    pleaserun (0.0.32)
      cabin (> 0)
      clamp
      dotenv
      insist
      mustache (= 0.99.8)
      stud
    polyglot (0.3.5)
    pry (0.14.2)
      coderay (~> 1.1)
      method_source (~> 1.0)
    racc (1.7.3)
    rack (2.2.8)
    rack-protection (3.2.0)
      base64 (>= 0.1.0)
      rack (~> 2.2, >= 2.2.4)
    rack-test (2.1.0)
      rack (>= 1.3)
    rainbow (3.1.1)
    rake (12.2.1)
    regexp_parser (2.8.3)
    rexml (3.2.6)
    rspec (3.13.0)
      rspec-core (~> 3.13.0)
      rspec-expectations (~> 3.13.0)
      rspec-mocks (~> 3.13.0)
    rspec-core (3.13.0)
      rspec-support (~> 3.13.0)
    rspec-expectations (3.13.0)
      diff-lcs (>= 1.2.0, < 2.0)
      rspec-support (~> 3.13.0)
    rspec-mocks (3.13.0)
      diff-lcs (>= 1.2.0, < 2.0)
      rspec-support (~> 3.13.0)
    rspec-support (3.13.0)
    rubocop (1.60.2)
      json (~> 2.3)
      language_server-protocol (>= 3.17.0)
      parallel (~> 1.10)
      parser (>= 3.3.0.2)
      rainbow (>= 2.2.2, < 4.0)
      regexp_parser (>= 1.8, < 3.0)
      rexml (>= 3.2.5, < 4.0)
      rubocop-ast (>= 1.30.0, < 2.0)
      ruby-progressbar (~> 1.7)
      unicode-display_width (>= 2.4.0, < 3.0)
    rubocop-ast (1.30.0)
      parser (>= 3.2.1.0)
    ruby-progressbar (1.13.0)
    ruby-rc4 (0.1.5)
    ruby2_keywords (0.0.5)
    rubyzip (2.3.2)
    sassc (2.4.0)
      ffi (~> 1.9)
    sequel (5.77.0)
      bigdecimal
    serrano (0.6.2)
      faraday (~> 1.0, >= 1.0.1)
      faraday_middleware (~> 1.0)
      multi_json (~> 1.13, >= 1.13.1)
      thor (>= 0.20, < 1.1)
    simple_xlsx_reader (5.0.0)
      nokogiri
      rubyzip
    simplecov (0.22.0)
      docile (~> 1.1)
      simplecov-html (~> 0.11)
      simplecov_json_formatter (~> 0.1)
    simplecov-html (0.12.3)
    simplecov_json_formatter (0.1.4)
    sinatra (3.2.0)
      mustermann (~> 3.0)
      rack (~> 2.2, >= 2.2.4)
      rack-protection (= 3.2.0)
      tilt (~> 2.0)
    sorbet-runtime (0.5.11238)
    sqlite3 (1.7.2)
      mini_portile2 (~> 2.8.0)
    stud (0.0.23)
    temple (0.10.3)
    test-prof (1.3.1)
    tf-idf-similarity (0.2.0)
      unicode_utils (~> 1.4)
    thin (1.8.2)
      daemons (~> 1.0, >= 1.0.9)
      eventmachine (~> 1.0, >= 1.0.4)
      rack (>= 1, < 3)
    thor (0.20.3)
    tilt (2.3.0)
    timeout (0.4.1)
    treetop (1.6.12)
      polyglot (~> 0.3)
    ttfunk (1.7.0)
    unicode (0.4.4.4)
    unicode-display_width (2.5.0)
    unicode_utils (1.4.0)
    unparser (0.6.13)
      diff-lcs (~> 1.3)
      parser (>= 3.3.0)
    yard (0.9.34)
    yard-sinatra (1.0.0)
      yard (~> 0.7)
    zip-zip (0.3)
      rubyzip (>= 1.0.0)

PLATFORMS
  ruby
  x86_64-linux

DEPENDENCIES
  ai4r
  bibtex-ruby
  caxlsx
  certified
  dotenv
  elsevier_api!
  grim!
  haml
  i18n
  json
  levenshtein
  levenshtein-ffi!
  mail
  mimemagic
  moneta
  mutant
  mutant-rspec
  mysql2
  narray
  nokogiri
  pdf-reader
  pkgr
  pry
  puma
  rack
  rack-test
  rake
  ref_parsers!
  rspec
  rubocop
  ruby-stemmer!
  rubyzip (>= 1.3.0)
  sassc
  sequel
  serrano
  simple_xlsx_reader
  simplecov
  sinatra (>= 2.0.1)
  sqlite3
  test-prof
  tf-idf-similarity
  thin
  treetop
  unicode
  yard
  yard-sinatra
  zip-zip

BUNDLED WITH
   2.5.1
